GEM
  specs:
    kgio (2.11.2)
    raindrops (0.19.0)
    unicorn (5.4.1)
      kgio (~> 2.6)
      raindrops (~> 0.7)

PLATFORMS
  ruby

DEPENDENCIES
  unicorn

BUNDLED WITH
   1.16.3

